GEM
  remote: https://rubygems.org/
  specs:
    httpclient (2.3.3)
    i18n (0.6.4)
    multi_json (1.7.2)
    webmachine (1.1.0)
      i18n (>= 0.4.0)
      multi_json

PLATFORMS
  ruby

DEPENDENCIES
  httpclient
  webmachine
